GEM
  remote: https://rubygems.org/
  specs:
    erlectricity (1.1.1)
    faker (1.1.2)
      i18n (~> 0.5)
    foreman (0.62.0)
      thor (>= 0.13.6)
    i18n (0.6.4)
    rake (10.0.3)
    thor (0.17.0)

PLATFORMS
  ruby

DEPENDENCIES
  erlectricity
  faker
  foreman
  rake
